GEM
  remote: http://rubygems.org/
  specs:
    addressable (2.3.2)
    awesome_print (1.1.0)
    daemons (1.1.9)
    eventmachine (1.0.0)
    faraday (0.8.4)
      multipart-post (~> 1.1)
    faraday_middleware (0.8.8)
      faraday (>= 0.7.4, < 0.9)
    hashie (1.2.0)
    http_parser.rb (0.5.3)
    json (1.7.5)
    mime-types (1.19)
    minitest (2.11.4)
    multi_json (1.3.6)
    multipart-post (1.1.5)
    octokit (1.15.1)
      addressable (~> 2.2)
      faraday (~> 0.8)
      faraday_middleware (~> 0.8)
      hashie (~> 1.2)
      multi_json (~> 1.3)
    rake (0.9.2.2)
    simple_oauth (0.1.9)
    tinder (1.9.1)
      eventmachine (>= 0.12.0, < 2)
      faraday (~> 0.8)
      faraday_middleware (~> 0.8)
      hashie (~> 1.0)
      json (~> 1.6)
      mime-types (~> 1.16)
      multi_json (~> 1.0)
      multipart-post (~> 1.1)
      twitter-stream (~> 0.1)
    twitter-stream (0.1.16)
      eventmachine (>= 0.12.8)
      http_parser.rb (~> 0.5.1)
      simple_oauth (~> 0.1.4)

PLATFORMS
  ruby

DEPENDENCIES
  awesome_print
  bundler (~> 1.2.1)
  daemons
  hashie
  json
  minitest (~> 2.11.2)
  octokit
  rake
  tinder
