GEM
  remote: http://rubygems.org/
  specs:
    addressable (2.2.6)
    awesome_print (1.0.2)
    daemons (1.1.6)
    faraday (0.7.6)
      addressable (~> 2.2)
      multipart-post (~> 1.1)
      rack (~> 1.1)
    faraday_middleware (0.7.0)
      faraday (~> 0.7.3)
    hashie (1.2.0)
    minitest-emoji (1.0.0)
    multi_json (1.0.4)
    multipart-post (1.1.4)
    octokit (0.6.5)
      addressable (~> 2.2.6)
      faraday (~> 0.7.4)
      faraday_middleware (~> 0.7.0)
      hashie (~> 1.2.0)
      multi_json (~> 1.0.2)
    rack (1.4.1)
    rake (0.9.2.2)

PLATFORMS
  ruby

DEPENDENCIES
  awesome_print
  daemons
  hashie
  minitest-emoji
  octokit
  rake
